GEM
  remote: https://rubygems.org/
  specs:
    celluloid (0.16.1)
      timers (~> 4.0.0)
    ffi (1.9.10)
    hitimes (1.2.2)
    listen (2.10.1)
      celluloid (~> 0.16.0)
      rb-fsevent (>= 0.9.3)
      rb-inotify (>= 0.9)
    rb-fsevent (0.9.5)
    rb-inotify (0.9.5)
      ffi (>= 0.5.0)
    sass (3.4.16)
    timers (4.0.2)
      hitimes

PLATFORMS
  ruby

DEPENDENCIES
  listen (~> 2.8)
  sass

BUNDLED WITH
   1.10.6
